GEM
  remote: http://rubygems.org/
  specs:
    ansi (1.4.3)
    git (1.2.5)
    jeweler (1.6.4)
      bundler (~> 1.0)
      git (>= 1.2.5)
      rake
    minitest (4.5.0)
    rake (10.0.3)
    turn (0.9.6)
      ansi
    yard (0.6.8)

PLATFORMS
  ruby

DEPENDENCIES
  bundler
  jeweler (~> 1.6.4)
  minitest
  turn (~> 0.9.5)
  yard (~> 0.6.0)
