GEM
  remote: http://rubygems.org/
  specs:
    ansi (1.4.3)
    git (1.2.5)
    i18n (0.6.1)
    jeweler (1.8.4)
      bundler (~> 1.0)
      git (>= 1.2.5)
      rake
      rdoc
    json (1.7.6)
    minitest (4.5.0)
    rack (1.5.1)
    rake (10.0.3)
    rdoc (3.12)
      json (~> 1.4)
    turn (0.9.6)
      ansi
    yard (0.8.3)

PLATFORMS
  ruby

DEPENDENCIES
  bundler
  i18n
  jeweler
  minitest
  rack
  turn
  yard
